GEM
  remote: https://rubygems.org/
  specs:
    colorize (1.1.0)

PLATFORMS
  ruby
  x86_64-darwin-22

DEPENDENCIES
  colorize

RUBY VERSION
   ruby 3.2.2p53

BUNDLED WITH
   2.5.22
